PATH
  remote: .
  specs:
    bank_scraper (0.0.1)
      mechanize (>= 1.0.0)

GEM
  remote: http://rubygems.org/
  specs:
    diff-lcs (1.1.2)
    ephemeral_response (0.4.0)
    mechanize (1.0.0)
      nokogiri (>= 1.2.1)
    nokogiri (1.4.4)
    rspec (2.4.0)
      rspec-core (~> 2.4.0)
      rspec-expectations (~> 2.4.0)
      rspec-mocks (~> 2.4.0)
    rspec-core (2.4.0)
    rspec-expectations (2.4.0)
      diff-lcs (~> 1.1.2)
    rspec-mocks (2.4.0)

PLATFORMS
  ruby

DEPENDENCIES
  bank_scraper!
  bundler (>= 1.0.0)
  ephemeral_response (>= 0.4.0)
  rspec (>= 2.4.0)
